GEM
  remote: https://rubygems.org/
  specs:
    influxdb (0.1.8)
      json
    json (1.8.1-java)
    sequel (4.13.0)

PLATFORMS
  java

DEPENDENCIES
  influxdb
  sequel
